GEM
  remote: http://rubygems.org/
  specs:
    activesupport (3.0.5)
    configuration (1.2.0)
    dalli (1.0.3)
    diff-lcs (1.1.2)
    heroku (1.19.1)
      activesupport (>= 2.1.0)
      launchy (~> 0.3.2)
      rest-client (< 1.7.0, >= 1.4.0)
    hiredis (0.3.1)
    jasmine (1.0.1.1)
      json_pure (>= 1.4.3)
      rack (>= 1.0.0)
      rake (>= 0.8.7)
      rspec (>= 1.1.5)
      selenium-client (>= 1.2.17)
      selenium-rc (>= 2.1.0)
    json (1.4.6)
    json_pure (1.5.1)
    launchy (0.3.7)
      configuration (>= 0.0.5)
      rake (>= 0.8.1)
    mime-types (1.16)
    rack (1.2.2)
    rack-test (0.5.7)
      rack (>= 1.0)
    rake (0.8.7)
    redis (2.1.1)
    rest-client (1.6.1)
      mime-types (>= 1.16)
    rspec (2.5.0)
      rspec-core (~> 2.5.0)
      rspec-expectations (~> 2.5.0)
      rspec-mocks (~> 2.5.0)
    rspec-core (2.5.1)
    rspec-expectations (2.5.0)
      diff-lcs (~> 1.1.2)
    rspec-mocks (2.5.0)
    selenium-client (1.2.18)
    selenium-rc (2.3.2)
      selenium-client (>= 1.2.18)
    shotgun (0.9)
      rack (>= 1.0)
    sinatra (1.2.1)
      rack (~> 1.1)
      tilt (< 2.0, >= 1.2.2)
    tilt (1.2.2)

PLATFORMS
  ruby

DEPENDENCIES
  dalli
  heroku
  hiredis
  jasmine
  json
  rack-test
  redis
  rspec (~> 2.5.0)
  shotgun
  sinatra (~> 1.2.1)
